PATH
  remote: .
  specs:
    qprocessor (0.2.0)
      aws-sdk-sqs (~> 1.49)
      aws-sdk-sts (~> 1.5)
      beaneater (~> 1.1)

GEM
  remote: https://rubygems.org/
  specs:
    aws-eventstream (1.2.0)
    aws-partitions (1.548.0)
    aws-sdk-core (3.125.3)
      aws-eventstream (~> 1, >= 1.0.2)
      aws-partitions (~> 1, >= 1.525.0)
      aws-sigv4 (~> 1.1)
      jmespath (~> 1.0)
    aws-sdk-sqs (1.49.0)
      aws-sdk-core (~> 3, >= 3.125.0)
      aws-sigv4 (~> 1.1)
    aws-sdk-sts (1.5.0)
      aws-sdk-core (~> 3, >= 3.110.0)
      aws-sigv4 (~> 1.1)
    aws-sigv4 (1.4.0)
      aws-eventstream (~> 1, >= 1.0.2)
    beaneater (1.1.1)
    jmespath (1.5.0)
    rake (13.0.6)

PLATFORMS
  x86_64-linux

DEPENDENCIES
  qprocessor!
  rake (~> 13.0)

BUNDLED WITH
   2.2.3
