PATH
  remote: .
  specs:
    qprocessor (0.1.0)
      beaneater (~> 1.1)

GEM
  remote: https://rubygems.org/
  specs:
    beaneater (1.1.1)
    rake (13.0.6)

PLATFORMS
  x86_64-linux

DEPENDENCIES
  qprocessor!
  rake (~> 13.0)

BUNDLED WITH
   2.2.3
